GIT
  remote: https://github.com/riboseinc/metanorma
  revision: bd2b9f8c612640b24394c0ed66651a634574e847
  specs:
    metanorma (0.2.8)

GIT
  remote: https://github.com/riboseinc/metanorma-cli
  revision: e58af72398694ab6dcac3696d3f32e1f6f2dea7d
  specs:
    metanorma-cli (1.0.0)
      asciidoctor-rfc (~> 0.9.0)
      isodoc (~> 0.8.0)
      metanorma (~> 0.2.6)
      metanorma-acme (~> 0.3.6)
      metanorma-csand (~> 1.0.1)
      metanorma-csd (~> 1.0.1)
      metanorma-gb (~> 1.0.1)
      metanorma-iso (~> 1.0.1)
      metanorma-m3d (~> 1.0.1)
      metanorma-rsd (~> 1.0.1)
      metanorma-standoc (~> 1.0.0)

GIT
  remote: https://github.com/riboseinc/metanorma-csd
  revision: 51906e59a95c18c78d8600f43bff8ed65cfc1292
  specs:
    metanorma-csd (1.0.2)
      isodoc (~> 0.8.8)
      metanorma-standoc (~> 1.0.0)

GEM
  remote: https://rubygems.org/
  specs:
    algoliasearch (1.23.2)
      httpclient (~> 2.8, >= 2.8.3)
      json (>= 1.5.1)
    asciidoctor (1.5.7.1)
    asciidoctor-rfc (0.9.1)
      asciidoctor (~> 1.5.7)
      htmlentities (~> 4.3.4)
      nokogiri
      ruby-jing
      thread_safe
    asciimath (1.0.5)
    camertron-eprun (1.1.1)
    cldr-plurals-runtime-rb (1.0.1)
    cnccs (0.1.3)
    ffi (1.9.25)
    gb-agencies (0.0.3)
    gbbib (0.2.3)
      cnccs (~> 0.1.1)
      gb-agencies (~> 0.0.1)
      iso-bib-item (~> 0.2)
    html2doc (0.8.3)
      asciimath
      htmlentities (~> 4.3.4)
      image_size
      mime-types
      nokogiri
      ruby-xslt
      thread_safe
      uuidtools
    htmlentities (4.3.4)
    httpclient (2.8.3)
    iev (0.2.0)
      nokogiri
    image_size (2.0.0)
    iso-bib-item (0.2.5)
      isoics (~> 0.1.6)
      nokogiri (~> 1.8.4)
      ruby_deep_clone (~> 0.8.0)
    isobib (0.2.6)
      algoliasearch
      iso-bib-item (~> 0.2.4)
    isodoc (0.8.13)
      asciimath
      html2doc (~> 0.8.1)
      htmlentities (~> 4.3.4)
      liquid
      metanorma (~> 0.2.7)
      nokogiri
      roman-numerals
      ruby-xslt
      sassc (~> 1.12.1)
      thread_safe
      uuidtools
    isoics (0.1.7)
    json (2.1.0)
    liquid (4.0.0)
    metanorma-acme (0.3.7)
      asciidoctor (~> 1.5.7)
      htmlentities (~> 4.3.4)
      isodoc (~> 0.8.8)
      metanorma-standoc (~> 1.0.0)
      ruby-jing
    metanorma-csand (1.0.2)
      asciidoctor (~> 1.5.7)
      asciimath
      htmlentities (~> 4.3.4)
      image_size
      isodoc (~> 0.8.8)
      metanorma-standoc (~> 1.0.0)
      mime-types
      nokogiri
      ruby-jing
      ruby-xslt
      thread_safe
      uuidtools
    metanorma-gb (1.0.2)
      gb-agencies (~> 0.0.1)
      gbbib (~> 0.2.2)
      isodoc (~> 0.8.8)
      metanorma-iso (~> 1.0.1)
      twitter_cldr
    metanorma-iso (1.0.4)
      asciidoctor (~> 1.5.7)
      iev (~> 0.2.0)
      isodoc (~> 0.8.9)
      metanorma-standoc (~> 1.0.0)
      relaton (~> 0.1.3)
      ruby-jing
    metanorma-m3d (1.0.3)
      asciidoctor (~> 1.5.7)
      asciimath
      htmlentities (~> 4.3.4)
      image_size
      isodoc (~> 0.8.8)
      metanorma-standoc (~> 1.0.0)
      mime-types
      nokogiri
      ruby-jing
      ruby-xslt
      thread_safe
      uuidtools
    metanorma-rsd (1.0.2)
      asciidoctor (~> 1.5.7)
      htmlentities (~> 4.3.4)
      isodoc (~> 0.8.8)
      metanorma-standoc (~> 1.0.0)
      nokogiri
    metanorma-standoc (1.0.3)
      asciidoctor (~> 1.5.7)
      iev (~> 0.2.0)
      isodoc (~> 0.8.8)
      relaton (~> 0.1.3)
      ruby-jing
    mime-types (3.2.2)
      mime-types-data (~> 3.2015)
    mime-types-data (3.2018.0812)
    mini_portile2 (2.3.0)
    nokogiri (1.8.4)
      mini_portile2 (~> 2.3.0)
    optout (0.0.2)
    rb-fsevent (0.10.3)
    rb-inotify (0.9.10)
      ffi (>= 0.5.0, < 2)
    relaton (0.1.6)
      algoliasearch
      gbbib (~> 0.2.1)
      iso-bib-item (~> 0.2.3)
      isobib (~> 0.2.0)
      rfcbib (~> 0.2.2)
    rfcbib (0.2.4)
      iso-bib-item (~> 0.2.0)
    roman-numerals (0.3.0)
    ruby-jing (0.0.1)
      optout (>= 0.0.2)
    ruby-xslt (0.9.10)
    ruby_deep_clone (0.8.0)
    sass (3.5.7)
      sass-listen (~> 4.0.0)
    sass-listen (4.0.0)
      rb-fsevent (~> 0.9, >= 0.9.4)
      rb-inotify (~> 0.9, >= 0.9.7)
    sassc (1.12.1)
      ffi (~> 1.9.6)
      sass (>= 3.3.0)
    thread_safe (0.3.6)
    twitter_cldr (4.4.3)
      camertron-eprun
      cldr-plurals-runtime-rb (~> 1.0)
      tzinfo
    tzinfo (1.2.5)
      thread_safe (~> 0.1)
    uuidtools (2.1.5)

PLATFORMS
  ruby

DEPENDENCIES
  metanorma!
  metanorma-cli!
  metanorma-csd!

BUNDLED WITH
   1.16.2
